GEM
  remote: https://rubygems.org/
  specs:
    coderay (1.1.3)
    memory_profiler (0.9.14)
    method_source (1.0.0)
    oj (3.10.8)
    pry (0.13.1)
      coderay (~> 1.1)
      method_source (~> 1.0)
    ruby-prof (1.4.1)
    stackprof (0.2.15)

PLATFORMS
  ruby

DEPENDENCIES
  memory_profiler
  oj
  pry
  ruby-prof
  stackprof

BUNDLED WITH
   2.1.4
